GEM
  remote: https://rubygems.org/
  specs:
    addressable (2.7.0)
      public_suffix (>= 2.0.2, < 5.0)
    curb (0.9.11)
    mini_portile2 (2.4.0)
    nokogiri (1.10.10)
      mini_portile2 (~> 2.4.0)
    public_suffix (4.0.6)

PLATFORMS
  ruby

DEPENDENCIES
  addressable (~> 2.7)
  curb (~> 0.9.11)
  nokogiri (~> 1.10, >= 1.10.10)

BUNDLED WITH
   2.1.4
